GEM
  remote: https://rubygems.org/
  specs:
    flickraw (0.9.10)
    mini_magick (4.9.3)
    mini_portile2 (2.4.0)
    nokogiri (1.10.3)
      mini_portile2 (~> 2.4.0)

PLATFORMS
  ruby

DEPENDENCIES
  flickraw
  mini_magick
  nokogiri

BUNDLED WITH
   1.16.3
